PATH
  remote: .
  specs:
    datamapa (0.0.1)

GEM
  remote: https://rubygems.org/
  specs:
    metaclass (0.0.1)
    minitest (5.0.3)
    mocha (0.14.0)
      metaclass (~> 0.0.1)

PLATFORMS
  x86-mingw32

DEPENDENCIES
  datamapa!
  minitest
  mocha
